GEM
  remote: https://rubygems.org/
  specs:
    actionmailer (3.2.13)
      actionpack (= 3.2.13)
      mail (~> 2.5.3)
    actionpack (3.2.13)
      activemodel (= 3.2.13)
      activesupport (= 3.2.13)
      builder (~> 3.0.0)
      erubis (~> 2.7.0)
      journey (~> 1.0.4)
      rack (~> 1.4.5)
      rack-cache (~> 1.2)
      rack-test (~> 0.6.1)
      sprockets (~> 2.2.1)
    activemodel (3.2.13)
      activesupport (= 3.2.13)
      builder (~> 3.0.0)
    activerecord (3.2.13)
      activemodel (= 3.2.13)
      activesupport (= 3.2.13)
      arel (~> 3.0.2)
      tzinfo (~> 0.3.29)
    activerecord-import (0.3.1)
      activerecord (~> 3.0)
      activerecord (~> 3.0)
    activeresource (3.2.13)
      activemodel (= 3.2.13)
      activesupport (= 3.2.13)
    activesupport (3.2.13)
      i18n (= 0.6.1)
      multi_json (~> 1.0)
    acts-as-taggable-on (2.3.3)
      rails (~> 3.0)
    acts_as_api (0.4.1)
      activemodel (>= 3.0.0)
      activesupport (>= 3.0.0)
      rack (>= 1.1.0)
    addressable (2.3.3)
    arel (3.0.2)
    bcrypt-ruby (3.0.1)
    bootstrap-sass (2.3.1.0)
      sass (~> 3.2)
    builder (3.0.4)
    celluloid (0.12.4)
      facter (>= 1.6.12)
      timers (>= 1.0.0)
    client_side_validations (3.2.2)
    coffee-rails (3.2.2)
      coffee-script (>= 2.2.0)
      railties (~> 3.2.0)
    coffee-script (2.2.0)
      coffee-script-source
      execjs
    coffee-script-source (1.6.2)
    configurate (0.0.2)
    connection_pool (1.0.0)
    devise (2.2.3)
      bcrypt-ruby (~> 3.0)
      orm_adapter (~> 0.1)
      railties (~> 3.1)
      warden (~> 1.2.1)
    erubis (2.7.0)
    execjs (1.4.0)
      multi_json (~> 1.0)
    facter (1.6.18)
    faraday (0.8.6)
      multipart-post (~> 1.1)
    faraday_middleware (0.9.0)
      faraday (>= 0.7.4, < 0.9)
    foreigner (1.4.0)
      activerecord (>= 3.0.0)
    gon (4.0.2)
      actionpack (>= 2.3.0)
      json
    haml (4.0.1)
      tilt
    hike (1.2.2)
    i18n (0.6.1)
    journey (1.0.4)
    jquery-rails (2.2.1)
      railties (>= 3.0, < 5.0)
      thor (>= 0.14, < 2.0)
    json (1.7.7)
    mail (2.5.3)
      i18n (>= 0.4.0)
      mime-types (~> 1.16)
      treetop (~> 1.4.8)
    markerb (1.0.1)
      redcarpet (>= 2.0)
    messagebus_ruby_api (1.0.3)
    mime-types (1.23)
    mobile-fu (1.1.1)
      rack-mobile-detect
      rails
    multi_json (1.7.2)
    multipart-post (1.2.0)
    mysql2 (0.3.11)
    nokogiri (1.5.9)
    orm_adapter (0.4.0)
    polyglot (0.3.3)
    rack (1.4.5)
    rack-cache (1.2)
      rack (>= 0.4)
    rack-mobile-detect (0.4.0)
      rack
    rack-protection (1.2.0)
      rack
    rack-ssl (1.3.3)
      rack
    rack-test (0.6.2)
      rack (>= 1.0)
    rails (3.2.13)
      actionmailer (= 3.2.13)
      actionpack (= 3.2.13)
      activerecord (= 3.2.13)
      activeresource (= 3.2.13)
      activesupport (= 3.2.13)
      bundler (~> 1.0)
      railties (= 3.2.13)
    rails_autolink (1.0.9)
      rails (~> 3.1)
    railties (3.2.13)
      actionpack (= 3.2.13)
      activesupport (= 3.2.13)
      rack-ssl (~> 1.3.2)
      rake (>= 0.8.7)
      rdoc (~> 3.4)
      thor (>= 0.14.6, < 2.0)
    rake (10.0.4)
    rdoc (3.12.2)
      json (~> 1.4)
    redcarpet (2.2.2)
    redis (3.0.3)
    redis-namespace (1.2.1)
      redis (~> 3.0.0)
    roxml (3.1.6)
      activesupport (>= 2.3.0)
      nokogiri (>= 1.3.3)
    ruby-oembed (0.8.8)
    sass (3.2.8)
    sass-rails (3.2.6)
      railties (~> 3.2.0)
      sass (>= 3.1.10)
      tilt (~> 1.3)
    sidekiq (2.9.0)
      celluloid (~> 0.12.0)
      connection_pool (~> 1.0)
      multi_json (~> 1)
      redis (~> 3)
      redis-namespace
    sinatra (1.3.3)
      rack (~> 1.3, >= 1.3.6)
      rack-protection (~> 1.2)
      tilt (~> 1.3, >= 1.3.3)
    slim (1.0.1)
      temple (~> 0.3.0)
      tilt (~> 1.2)
    sprockets (2.2.2)
      hike (~> 1.2)
      multi_json (~> 1.0)
      rack (~> 1.0)
      tilt (~> 1.1, != 1.3.0)
    temple (0.3.5)
    thor (0.18.1)
    tilt (1.4.0)
    timers (1.1.0)
    treetop (1.4.12)
      polyglot
      polyglot (>= 0.3.1)
    typhoeus (0.3.3)
      mime-types
    tzinfo (0.3.37)
    uglifier (2.0.1)
      execjs (>= 0.3.0)
      multi_json (~> 1.0, >= 1.0.2)
    warden (1.2.1)
      rack (>= 1.0)
    will_paginate (3.0.4)

PLATFORMS
  ruby

DEPENDENCIES
  activerecord-import (= 0.3.1)
  acts-as-taggable-on (= 2.3.3)
  acts_as_api (= 0.4.1)
  addressable (= 2.3.3)
  bootstrap-sass (~> 2.3.1.0)
  client_side_validations (= 3.2.2)
  coffee-rails (~> 3.2.1)
  configurate (= 0.0.2)
  devise
  faraday (= 0.8.6)
  faraday_middleware (= 0.9.0)
  foreigner (= 1.4.0)
  gon (= 4.0.2)
  haml (= 4.0.1)
  jquery-rails
  json (= 1.7.7)
  markerb (= 1.0.1)
  messagebus_ruby_api (= 1.0.3)
  mobile-fu (= 1.1.1)
  mysql2
  nokogiri (= 1.5.9)
  rails (= 3.2.13)
  rails_autolink (= 1.0.9)
  redcarpet (= 2.2.2)
  roxml (= 3.1.6)
  ruby-oembed (= 0.8.8)
  sass-rails (~> 3.2.3)
  sidekiq (= 2.9.0)
  sinatra (= 1.3.3)
  slim
  typhoeus (= 0.3.3)
  uglifier (>= 1.0.3)
  will_paginate (= 3.0.4)
